NUGET
  remote: https://nuget.org/api/v2
  specs:
    MBrace.Azure.Standalone (0.6.8-alpha)
    MBrace.Core (0.9.11-alpha)
    MBrace.Flow (0.9.11-alpha)
      MBrace.Core (0.9.11-alpha)
      Streams (>= 0.2.9)
    Streams (0.3.0)
