NUGET
  remote: https://nuget.org/api/v2
  specs:
    MBrace.Azure.Client (0.6.4-alpha)
    MBrace.Core (0.9.5-alpha)
    Streams (0.3.0)
