NUGET
  remote: https://nuget.org/api/v2
  specs:
    FsPickler (1.3.7)
    FsPickler.Json (1.3.7)
      FsPickler (1.3.7)
      Newtonsoft.Json (>= 6.0.5)
    MBrace.Azure (0.10.0-alpha)
      FsPickler (>= 1.3.7)
      FsPickler.Json (>= 1.3.7)
      MBrace.Core (0.10.4-alpha)
      MBrace.Runtime (0.10.4-alpha)
      Newtonsoft.Json (>= 7.0.1)
      Vagabond (>= 0.8.5)
      WindowsAzure.ServiceBus (>= 2.5.2 < 2.6.0)
      WindowsAzure.Storage (>= 4.3.0 < 4.4.0)
    MBrace.Core (0.10.4-alpha)
    MBrace.Flow (0.10.4-alpha)
      MBrace.Core (0.10.4-alpha)
      Streams (>= 0.3.0 < 0.4.0)
    MBrace.Runtime (0.10.4-alpha)
      FsPickler (>= 1.3.7 < 1.4.0)
      FsPickler.Json (>= 1.3.7 < 1.4.0)
      MBrace.Core (0.10.4-alpha)
      Vagabond (>= 0.8.5 < 0.9.0)
    Microsoft.Data.Edm (5.6.4)
    Microsoft.Data.OData (5.6.4)
      Microsoft.Data.Edm (5.6.4)
      System.Spatial (5.6.4)
    Microsoft.Data.Services.Client (5.6.4) - framework: >= net40
      Microsoft.Data.OData (5.6.4)
    Microsoft.WindowsAzure.ConfigurationManager (3.1.0) - framework: >= net40
    Mono.Cecil (0.9.6.1)
    Newtonsoft.Json (7.0.1)
    Streams (0.3.0)
    System.Spatial (5.6.4)
    Vagabond (0.8.5)
      FsPickler (>= 1.3.0 < 1.4.0)
      Mono.Cecil (0.9.6.1)
    WindowsAzure.ServiceBus (2.5.4)
      Microsoft.WindowsAzure.ConfigurationManager
    WindowsAzure.Storage (4.3.0)
      Microsoft.Data.OData (>= 5.6.2)
      Microsoft.Data.Services.Client (>= 5.6.2) - framework: >= net40
      Microsoft.WindowsAzure.ConfigurationManager (>= 1.8.0.0) - framework: >= net40
      Newtonsoft.Json (>= 5.0.8) - framework: wpv8.0, >= net40
