NUGET
  remote: https://nuget.org/api/v2
  specs:
    MBrace.Azure.Client (0.6.1-alpha)
    MBrace.Core (0.9.4-alpha)
    Streams (0.2.9)
